GEM
  remote: https://rubygems.org/
  specs:
    sequel (4.39.0)

PLATFORMS
  ruby

DEPENDENCIES
  sequel

BUNDLED WITH
   1.12.5
